GEM
  remote: https://rubygems.org/
  specs:
    CFPropertyList (2.3.6)
    aws-sdk (2.5.8)
      aws-sdk-resources (= 2.5.8)
    aws-sdk-core (2.5.8)
      jmespath (~> 1.0)
    aws-sdk-resources (2.5.8)
      aws-sdk-core (= 2.5.8)
    builder (3.2.4)
    contracts (0.11.0)
    coveralls (0.8.23)
      json (>= 1.8, < 3)
      simplecov (~> 0.16.1)
      term-ansicolor (~> 1.3)
      thor (>= 0.19.4, < 2.0)
      tins (~> 1.6)
    diff-lcs (1.2.5)
    docile (1.3.2)
    dry-inflector (0.1.2)
    excon (0.73.0)
    fission (0.5.0)
      CFPropertyList (~> 2.2)
    fog (1.25.0)
      fog-brightbox (~> 0.4)
      fog-core (~> 1.25)
      fog-json
      fog-profitbricks
      fog-radosgw (>= 0.0.2)
      fog-sakuracloud (>= 0.0.4)
      fog-softlayer
      fog-terremark
      fog-vmfusion
      fog-voxel
      fog-xml (~> 0.1.1)
      ipaddress (~> 0.5)
      nokogiri (~> 1.5, >= 1.5.11)
      opennebula
    fog-brightbox (0.16.1)
      dry-inflector
      fog-core
      fog-json
      mime-types
    fog-core (1.45.0)
      builder
      excon (~> 0.58)
      formatador (~> 0.2)
    fog-json (1.2.0)
      fog-core
      multi_json (~> 1.10)
    fog-profitbricks (4.1.1)
      fog-core (~> 1.42)
      fog-json (~> 1.0)
    fog-radosgw (0.0.5)
      fog-core (>= 1.21.0)
      fog-json
      fog-xml (>= 0.0.1)
    fog-sakuracloud (1.7.5)
      fog-core
      fog-json
    fog-softlayer (1.1.4)
      fog-core
      fog-json
    fog-terremark (0.1.0)
      fog-core
      fog-xml
    fog-vmfusion (0.1.0)
      fission
      fog-core
    fog-voxel (0.1.0)
      fog-core
      fog-xml
    fog-xml (0.1.3)
      fog-core
      nokogiri (>= 1.5.11, < 2.0.0)
    formatador (0.2.5)
    ipaddress (0.8.3)
    jdbc-postgres (9.4.1206)
    jmespath (1.3.1)
    json (2.3.0)
    json (2.3.0-java)
    mime-types (3.1)
      mime-types-data (~> 3.2015)
    mime-types-data (3.2016.0521)
    mini_portile2 (2.4.0)
    multi_json (1.14.1)
    net-ssh (2.9.4)
    nokogiri (1.10.9)
      mini_portile2 (~> 2.4.0)
    nokogiri (1.10.9-java)
    opennebula (5.10.4)
      json
      nokogiri
      rbvmomi
    optimist (3.0.1)
    plissken (0.1.0)
    rbvmomi (2.4.1)
      builder (~> 3.0)
      json (>= 1.8)
      nokogiri (~> 1.5)
      optimist (~> 3.0)
    rspec (2.99.0)
      rspec-core (~> 2.99.0)
      rspec-expectations (~> 2.99.0)
      rspec-mocks (~> 2.99.0)
    rspec-core (2.99.2)
    rspec-expectations (2.99.2)
      diff-lcs (>= 1.1.3, < 2.0)
    rspec-mocks (2.99.4)
    simplecov (0.16.1)
      docile (~> 1.1)
      json (>= 1.8, < 3)
      simplecov-html (~> 0.10.0)
    simplecov-html (0.10.2)
    sluice (0.4.0)
      contracts (~> 0.9)
      fog (= 1.25)
      net-ssh (~> 2.9.2)
    snowplow-tracker (0.5.2)
      contracts (~> 0.7, <= 0.11)
    sync (0.5.0)
    term-ansicolor (1.7.1)
      tins (~> 1.0)
    thor (1.0.1)
    tins (1.24.1)
      sync

PLATFORMS
  java
  ruby

DEPENDENCIES
  aws-sdk (~> 2)
  contracts (~> 0.9, <= 0.11)
  coveralls (>= 0.8.15)
  jdbc-postgres
  mime-types
  plissken (~> 0.1.0)
  rspec (~> 2.14, >= 2.14.1)
  sluice (~> 0.4.0)
  snowplow-tracker (~> 0.5.2)

RUBY VERSION
   ruby 2.3.1p0 (jruby 9.1.6.0)

BUNDLED WITH
   1.17.3
