GEM
  remote: https://rubygems.org/
  specs:
    CFPropertyList (2.3.6)
    awrence (0.1.0)
    builder (3.2.4)
    contracts (0.11.0)
    coveralls (0.8.15)
      json (>= 1.8, < 3)
      simplecov (~> 0.12.0)
      term-ansicolor (~> 1.3)
      thor (~> 0.19.1)
      tins (>= 1.6.0, < 2)
    diff-lcs (1.2.5)
    docile (1.1.5)
    domain_name (0.5.20190701)
      unf (>= 0.0.5, < 1.0.0)
    dry-inflector (0.1.2)
    elasticity (6.0.14)
      fog-aws (~> 1.0)
      rest-client (~> 1.0)
      unf (~> 0.1)
    excon (0.81.0)
    fission (0.5.0)
      CFPropertyList (~> 2.2)
    fog (1.25.0)
      fog-brightbox (~> 0.4)
      fog-core (~> 1.25)
      fog-json
      fog-profitbricks
      fog-radosgw (>= 0.0.2)
      fog-sakuracloud (>= 0.0.4)
      fog-softlayer
      fog-terremark
      fog-vmfusion
      fog-voxel
      fog-xml (~> 0.1.1)
      ipaddress (~> 0.5)
      nokogiri (~> 1.5, >= 1.5.11)
      opennebula
    fog-aws (1.4.1)
      fog-core (~> 1.38)
      fog-json (~> 1.0)
      fog-xml (~> 0.1)
      ipaddress (~> 0.8)
    fog-brightbox (0.16.1)
      dry-inflector
      fog-core
      fog-json
      mime-types
    fog-core (1.45.0)
      builder
      excon (~> 0.58)
      formatador (~> 0.2)
    fog-json (1.2.0)
      fog-core
      multi_json (~> 1.10)
    fog-profitbricks (4.1.1)
      fog-core (~> 1.42)
      fog-json (~> 1.0)
    fog-radosgw (0.0.5)
      fog-core (>= 1.21.0)
      fog-json
      fog-xml (>= 0.0.1)
    fog-sakuracloud (1.7.5)
      fog-core
      fog-json
    fog-softlayer (1.1.4)
      fog-core
      fog-json
    fog-terremark (0.1.0)
      fog-core
      fog-xml
    fog-vmfusion (0.1.0)
      fission
      fog-core
    fog-voxel (0.1.0)
      fog-core
      fog-xml
    fog-xml (0.1.3)
      fog-core
      nokogiri (>= 1.5.11, < 2.0.0)
    formatador (0.2.5)
    http-cookie (1.0.3)
      domain_name (~> 0.5)
    ipaddress (0.8.3)
    json (2.5.1)
    json (2.5.1-java)
    mime-types (2.99.3)
    mini_portile2 (2.4.0)
    multi_json (1.15.0)
    net-ssh (2.9.4)
    netrc (0.11.0)
    nokogiri (1.10.10)
      mini_portile2 (~> 2.4.0)
    nokogiri (1.10.10-java)
    opennebula (6.0.1)
      ipaddress
      json
      nokogiri
      parse-cron
      rbvmomi
      treetop
      xmlrpc
    optimist (3.0.1)
    parse-cron (0.1.4)
    polyglot (0.3.5)
    rbvmomi (2.4.1)
      builder (~> 3.0)
      json (>= 1.8)
      nokogiri (~> 1.5)
      optimist (~> 3.0)
    rest-client (1.8.0)
      http-cookie (>= 1.0.2, < 2.0)
      mime-types (>= 1.16, < 3.0)
      netrc (~> 0.7)
    rspec (2.99.0)
      rspec-core (~> 2.99.0)
      rspec-expectations (~> 2.99.0)
      rspec-mocks (~> 2.99.0)
    rspec-core (2.99.2)
    rspec-expectations (2.99.2)
      diff-lcs (>= 1.1.3, < 2.0)
    rspec-mocks (2.99.4)
    simplecov (0.12.0)
      docile (~> 1.1.0)
      json (>= 1.8, < 3)
      simplecov-html (~> 0.10.0)
    simplecov-html (0.10.0)
    sluice (0.4.0)
      contracts (~> 0.9)
      fog (= 1.25)
      net-ssh (~> 2.9.2)
    snowplow-tracker (0.5.2)
      contracts (~> 0.7, <= 0.11)
    term-ansicolor (1.3.2)
      tins (~> 1.0)
    thor (0.19.1)
    tins (1.12.0)
    treetop (1.6.11)
      polyglot (~> 0.3)
    unf (0.1.4)
      unf_ext
    unf (0.1.4-java)
    unf_ext (0.0.7.7)
    webrick (1.7.0)
    xmlrpc (0.3.2)
      webrick

PLATFORMS
  java
  ruby

DEPENDENCIES
  awrence (~> 0.1.0)
  contracts (~> 0.9, <= 0.11)
  coveralls
  elasticity (~> 6.0.10)
  rspec (~> 2.14, >= 2.14.1)
  sluice (~> 0.4.0)
  snowplow-tracker (~> 0.5.2)

RUBY VERSION
   ruby 2.3.1p0 (jruby 9.1.6.0)

BUNDLED WITH
   1.17.3
